GEM
  remote: http://rubygems.org/
  specs:
    addressable (2.2.6)
    builder (3.0.0)
    connexionz (1.0.2)
      faraday (~> 0.7.4)
      faraday_middleware (~> 0.7.0)
      hashie (~> 1.2.0)
      multi_json (~> 1.0.2)
      multi_xml (~> 0.4.1)
      patron (~> 0.4.16)
      rash (~> 0.3.0)
    crack (~> 0.3.2)
    diff-lcs (1.1.3)
    faraday (0.7.5)
      addressable (~> 2.2.6)
      multipart-post (~> 1.1.3)
      rack (~> 1.4.5, < 2.0.0)
    faraday_middleware (0.7.0)
      faraday (~> 0.7.3)
    haml (3.1.4)
    hashie (1.2.0)
    json (2.0.2)
    jwt (0.1.4)
      json (>= 1.2.4)
    multi_json (1.0.4)
    multi_xml (~> 0.5.2)
    multipart-post (1.1.4)
    patron (0.4.16)
    puma (3.6.0)
    rack (~> 1.4.5, < 2.0.0)
    rack-protection (~>1.5.5)
      rack
    rack-test (0.6.1)
      rack (~> 1.4.5, < 2.0.0)
    rake (0.9.2.2)
    rash (0.3.2)
      hashie (~> 1.2.0)
    rspec (2.8.0)
      rspec-core (~> 2.8.0)
      rspec-expectations (~> 2.8.0)
      rspec-mocks (~> 2.8.0)
    rspec-core (2.8.0)
    rspec-expectations (2.8.0)
      diff-lcs (~> 1.1.2)
    rspec-mocks (2.8.0)
    simplecov (0.5.4)
      multi_json (~> 1.0.3)
      simplecov-html (~> 0.5.3)
    simplecov-html (0.5.3)
    sinatra (1.3.2)
      rack (~> 1.4.5, < 2.0.0)
      rack-protection (~> 1.5.5)
      tilt (~> 1.3, >= 1.3.3)
    tilt (1.3.3)
    twilio-ruby (3.5.1)
      builder (>= 2.1.2)
      jwt (>= 0.1.2)
      multi_json (>= 1.0.3)
    webmock (1.7.10)
      addressable (~> 2.2, > 2.2.5)
      crack (>= 0.1.7)

PLATFORMS
  ruby

DEPENDENCIES
  connexionz
  haml
  json
  puma
  rack-test
  rake
  rspec
  simplecov
  sinatra
  twilio-ruby
  webmock

RUBY VERSION
   ruby 2.3.1p112

BUNDLED WITH
   1.12.5
